GEM
  remote: https://rubygems.org/
  specs:
    addressable (2.7.0)
      public_suffix (>= 2.0.2, < 5.0)
    bibtex-ruby (6.0.0)
      latex-decode (~> 0.0)
    iso639 (1.3.2)
    latex-decode (0.3.2)
    mini_portile2 (2.4.0)
    nokogiri (1.10.10)
      mini_portile2 (~> 2.4.0)
    public_suffix (4.0.6)
    relaton-bib (1.7.1)
      addressable
      bibtex-ruby
      iso639
      nokogiri
    relaton-ecma (1.7.pre2)
      relaton-bib (~> 1.7.0)

PLATFORMS
  ruby

DEPENDENCIES
  relaton-ecma

BUNDLED WITH
   2.1.4
